GEM
  remote: http://rubygems.org/
  specs:
    abstract (1.0.0)
    dalli (1.0.4)
    erubis (2.6.6)
      abstract (>= 1.0.0)
    rack (1.2.2)
    sinatra (1.2.6)
      rack (~> 1.1)
      tilt (>= 1.2.2, < 2.0)
    tilt (1.3.1)

PLATFORMS
  ruby

DEPENDENCIES
  dalli
  erubis
  sinatra
